GEM
  remote: https://rubygems.org/
  specs:
    kramdown (1.0.2)
    posix-spawn (0.3.6)
    pygments.rb (0.5.0)
      posix-spawn (~> 0.3.6)
      yajl-ruby (~> 1.1.0)
    rake (10.0.4)
    test-unit (2.5.5)
    yajl-ruby (1.1.0)

PLATFORMS
  ruby

DEPENDENCIES
  kramdown
  pygments.rb
  rake
  test-unit
